GEM
  remote: https://rubygems.org/
  specs:
    active_support (3.0.0)
      activesupport (= 3.0.0)
    activesupport (3.0.0)
    backports (3.4.0)
    bcrypt-ruby (3.1.2)
    closure-compiler (1.1.10)
    commonjs (0.2.7)
    daemons (1.1.9)
    dotenv (0.9.0)
    eventmachine (1.0.3)
    execjs (2.0.2)
    faraday (0.9.0)
      multipart-post (>= 1.2, < 3)
    hashie (2.0.5)
    hike (1.2.3)
    httpauth (0.2.1)
    jwt (0.1.11)
      multi_json (>= 1.5)
    less (2.4.0)
      commonjs (~> 0.2.7)
    libv8 (3.16.14.3)
    multi_json (1.8.4)
    multipart-post (2.0.0)
    oauth2 (0.8.1)
      faraday (~> 0.8)
      httpauth (~> 0.1)
      jwt (~> 0.1.4)
      multi_json (~> 1.0)
      rack (~> 1.2)
    omniauth (1.2.1)
      hashie (>= 1.2, < 3)
      rack (~> 1.0)
    omniauth-facebook (1.4.0)
      omniauth-oauth2 (~> 1.0.2)
    omniauth-oauth2 (1.0.3)
      oauth2 (~> 0.8.0)
      omniauth (~> 1.0)
    pg (0.17.1)
    rack (1.5.2)
    rack-protection (1.5.2)
      rack
    rack-test (0.6.2)
      rack (>= 1.0)
    rack_csrf (2.4.0)
      rack (>= 0.9)
    rake (10.1.1)
    react-source (0.8.0)
    ref (1.0.5)
    sequel (4.6.0)
    sequel_secure_password (0.2.3)
      bcrypt-ruby (>= 3.1, < 4.0)
      sequel (>= 4.1.0, < 5.0)
    sinatra (1.4.4)
      rack (~> 1.4)
      rack-protection (~> 1.4)
      tilt (~> 1.3, >= 1.3.4)
    sinatra-contrib (1.4.2)
      backports (>= 2.0)
      multi_json
      rack-protection
      rack-test
      sinatra (~> 1.4.0)
      tilt (~> 1.3)
    sinatra-sequel (0.9.0)
      sequel (>= 3.2.0)
      sinatra (>= 0.9.4)
    sprockets (2.9.3)
      hike (~> 1.2)
      multi_json (~> 1.0)
      rack (~> 1.0)
      tilt (~> 1.1, != 1.3.0)
    sprockets-commonjs (0.0.6)
      sprockets (~> 2.9.2)
    sprockets-less (0.6.0)
      less (~> 2.4)
      tilt (~> 1.1)
    therubyracer (0.12.0)
      libv8 (~> 3.16.14.0)
      ref
    thin (1.6.1)
      daemons (>= 1.0.9)
      eventmachine (>= 1.0.0)
      rack (>= 1.0.0)
    tilt (1.4.1)
    warden (1.2.3)
      rack (>= 1.0)
    yui-compressor (0.11.0)

PLATFORMS
  ruby

DEPENDENCIES
  active_support
  closure-compiler
  dotenv
  execjs
  omniauth-facebook (= 1.4.0)
  pg
  rack_csrf
  rake
  react-source
  sequel
  sequel_secure_password
  sinatra
  sinatra-contrib
  sinatra-sequel
  sprockets
  sprockets-commonjs (= 0.0.6)
  sprockets-less
  therubyracer
  thin
  warden
  yui-compressor
